GEM
  remote: http://rubygems.org/
  specs:
    bluecloth (2.1.0)
    coffee-script (2.2.0)
      coffee-script-source
      execjs
    coffee-script-source (1.1.0)
    diff-lcs (1.1.2)
    execjs (0.3.3)
      multi_json (~> 1.0)
    git (1.2.5)
    jeweler (1.6.0)
      bundler (~> 1.0.0)
      git (>= 1.2.5)
      rake
    json (1.5.1)
    multi_json (1.0.1)
    rake (0.8.7)
    rcov (0.9.9)
    rspec (2.3.0)
      rspec-core (~> 2.3.0)
      rspec-expectations (~> 2.3.0)
      rspec-mocks (~> 2.3.0)
    rspec-core (2.3.1)
    rspec-expectations (2.3.0)
      diff-lcs (~> 1.1.2)
    rspec-mocks (2.3.0)
    yard (0.6.8)

PLATFORMS
  ruby

DEPENDENCIES
  bluecloth
  bundler (~> 1.0.0)
  coffee-script
  jeweler (~> 1.6.0)
  json
  rcov
  rspec (~> 2.3.0)
  yard (~> 0.6.0)
